GEM
  remote: https://rubygems.org/
  specs:
    auth_keys_chain (0.0.2)
    mini_portile (0.6.2)

PLATFORMS
  ruby

DEPENDENCIES
  auth_keys_chain
  mini_portile
